GIT
  remote: git://github.com/FriendlyId/friendly_id.git
  revision: 0732bdf36557945186c088656b160155858fa87f
  branch: master
  specs:
    friendly_id (5.0.1)
      activerecord (~> 4.0.0)

GIT
  remote: git://github.com/alphagov/govuk_frontend_toolkit_gem.git
  revision: 7b6d9a07ff36aa8dafed7b30c1f5299c52a34506
  submodules: true
  specs:
    govuk_frontend_toolkit (0.43.2)
      rails (>= 3.1.0)
      sass (>= 3.2.0)

GIT
  remote: git://github.com/carrierwaveuploader/carrierwave.git
  revision: 7a993542701b34e83c8f10ab87a73d6a5ee4dc1c
  branch: master
  specs:
    carrierwave (0.10.0)
      activemodel (>= 3.2.0)
      activesupport (>= 3.2.0)
      json (>= 1.7)
      mime-types (>= 1.16)

GIT
  remote: git://github.com/ministryofjustice/moj_frontend_toolkit_gem.git
  revision: edff648fc0aca8108800c952f83da2e25cea6a72
  tag: v0.2.1
  specs:
    moj_frontend_toolkit_gem (0.0.1)

GEM
  remote: https://rubygems.org/
  remote: http://gems.dsd.io/
  specs:
    actionmailer (4.0.3)
      actionpack (= 4.0.3)
      mail (~> 2.5.4)
    actionpack (4.0.3)
      activesupport (= 4.0.3)
      builder (~> 3.1.0)
      erubis (~> 2.7.0)
      rack (~> 1.5.2)
      rack-test (~> 0.6.2)
    activemodel (4.0.3)
      activesupport (= 4.0.3)
      builder (~> 3.1.0)
    activerecord (4.0.3)
      activemodel (= 4.0.3)
      activerecord-deprecated_finders (~> 1.0.2)
      activesupport (= 4.0.3)
      arel (~> 4.0.0)
    activerecord-deprecated_finders (1.0.3)
    activesupport (4.0.3)
      i18n (~> 0.6, >= 0.6.4)
      minitest (~> 4.2)
      multi_json (~> 1.3)
      thread_safe (~> 0.1)
      tzinfo (~> 0.3.37)
    appsignal (0.6.7)
      json
      rails (>= 3.0)
      rake
    arel (4.0.2)
    atomic (1.1.15)
    awesome_print (1.2.0)
    bcrypt-ruby (3.0.1)
    better_errors (1.0.1)
      coderay (>= 1.0.0)
      erubis (>= 2.6.6)
    binding_of_caller (0.7.2)
      debug_inspector (>= 0.0.1)
    bootstrap-will_paginate (0.0.9)
      will_paginate
    builder (3.1.4)
    byebug (1.8.2)
      columnize (~> 0.3.6)
      debugger-linecache (~> 1.2.0)
    choice (0.1.6)
    chronic (0.9.1)
    coderay (1.1.0)
    columnize (0.3.6)
    database_cleaner (1.0.1)
    debug_inspector (0.0.2)
    debugger-linecache (1.2.0)
    diff-lcs (1.2.5)
    erubis (2.7.0)
    excon (0.31.0)
    fog (1.20.0)
      builder
      excon (~> 0.31.0)
      formatador (~> 0.2.0)
      mime-types
      multi_json (~> 1.0)
      net-scp (~> 1.1)
      net-ssh (>= 2.1.3)
      nokogiri (>= 1.5.11)
    formatador (0.2.4)
    haml (4.0.3)
      tilt
    haml-rails (0.4)
      actionpack (>= 3.1, < 4.1)
      activesupport (>= 3.1, < 4.1)
      haml (>= 3.1, < 4.1)
      railties (>= 3.1, < 4.1)
    hike (1.2.3)
    hirb (0.7.1)
    hpricot (0.8.6)
    html2haml (1.0.1)
      erubis (~> 2.7.0)
      haml (>= 4.0.0.rc.1)
      hpricot (~> 0.8.6)
      ruby_parser (~> 3.1.1)
    i18n (0.6.9)
    jquery-rails (3.0.4)
      railties (>= 3.0, < 5.0)
      thor (>= 0.14, < 2.0)
    json (1.8.1)
    kgio (2.8.0)
    mail (2.5.4)
      mime-types (~> 1.16)
      treetop (~> 1.4.8)
    mime-types (1.25.1)
    mini_portile (0.5.2)
    minitest (4.7.5)
    multi_json (1.8.4)
    net-scp (1.1.2)
      net-ssh (>= 2.6.5)
    net-ssh (2.8.0)
    nokogiri (1.6.1)
      mini_portile (~> 0.5.0)
    paint (0.8.6)
    pg (0.14.1)
    pg_array_parser (0.0.9)
    polyglot (0.3.4)
    rack (1.5.2)
    rack-test (0.6.2)
      rack (>= 1.0)
    rails (4.0.3)
      actionmailer (= 4.0.3)
      actionpack (= 4.0.3)
      activerecord (= 4.0.3)
      activesupport (= 4.0.3)
      bundler (>= 1.3.0, < 2.0)
      railties (= 4.0.3)
      sprockets-rails (~> 2.0.0)
    rails-erd (1.1.0)
      activerecord (>= 3.0)
      activesupport (>= 3.0)
      choice (~> 0.1.6)
      ruby-graphviz (~> 1.0.4)
    rails_warden (0.5.7)
      warden (>= 1.0.0)
    railties (4.0.3)
      actionpack (= 4.0.3)
      activesupport (= 4.0.3)
      rake (>= 0.8.7)
      thor (>= 0.18.1, < 2.0)
    raindrops (0.11.0)
    rake (10.1.1)
    rspec-core (2.14.8)
    rspec-expectations (2.14.5)
      diff-lcs (>= 1.1.3, < 2.0)
    rspec-mocks (2.14.6)
    rspec-rails (2.14.1)
      actionpack (>= 3.0)
      activemodel (>= 3.0)
      activesupport (>= 3.0)
      railties (>= 3.0)
      rspec-core (~> 2.14.0)
      rspec-expectations (~> 2.14.0)
      rspec-mocks (~> 2.14.0)
    ruby-graphviz (1.0.9)
    ruby_parser (3.1.3)
      sexp_processor (~> 4.1)
    sass (3.2.14)
    sass-rails (4.0.1)
      railties (>= 4.0.0, < 5.0)
      sass (>= 3.1.10)
      sprockets-rails (~> 2.0.0)
    sexp_processor (4.2.1)
    sprockets (2.11.0)
      hike (~> 1.2)
      multi_json (~> 1.0)
      rack (~> 1.0)
      tilt (~> 1.1, != 1.3.0)
    sprockets-rails (2.0.1)
      actionpack (>= 3.0)
      activesupport (>= 3.0)
      sprockets (~> 2.8)
    thor (0.18.1)
    thread_safe (0.2.0)
      atomic (>= 1.1.7, < 2)
    tilt (1.4.1)
    treetop (1.4.15)
      polyglot
      polyglot (>= 0.3.1)
    tzinfo (0.3.38)
    unicorn (4.6.2)
      kgio (~> 2.6)
      rack
      raindrops (~> 0.7)
    warden (1.2.1)
      rack (>= 1.0)
    warden-rspec-rails (0.1.0)
    whenever (0.8.2)
      activesupport (>= 2.3.4)
      chronic (>= 0.6.3)
    will_paginate (3.0.5)
    wirb (1.0.1)
      paint
    wirble (0.1.3)

PLATFORMS
  ruby

DEPENDENCIES
  appsignal
  awesome_print
  bcrypt-ruby
  better_errors
  binding_of_caller
  bootstrap-will_paginate
  byebug
  carrierwave!
  database_cleaner
  fog
  friendly_id!
  govuk_frontend_toolkit!
  haml-rails
  hirb
  html2haml
  jquery-rails
  moj_frontend_toolkit_gem!
  nokogiri
  pg
  pg_array_parser
  rails (= 4.0.3)
  rails-erd
  rails_warden
  rake
  rspec-rails
  sass-rails
  unicorn
  warden-rspec-rails
  whenever
  will_paginate
  wirb
  wirble
